PATH
  remote: .
  specs:
    dea (0.1.0.14)
      json (~> 1.7.7)
      queryparams (= 0.0.3)
      typhoeus (= 0.6.7)

GEM
  remote: https://rubygems.org/
  specs:
    addressable (2.3.5)
    crack (0.4.2)
      safe_yaml (~> 1.0.0)
    diff-lcs (1.2.2)
    ethon (0.6.2)
      ffi (>= 1.3.0)
      mime-types (~> 1.18)
    ffi (1.9.3)
    json (1.7.7)
    mime-types (1.25.1)
    queryparams (0.0.3)
    rspec (2.13.0)
      rspec-core (~> 2.13.0)
      rspec-expectations (~> 2.13.0)
      rspec-mocks (~> 2.13.0)
    rspec-core (2.13.1)
    rspec-expectations (2.13.0)
      diff-lcs (>= 1.1.3, < 2.0)
    rspec-mocks (2.13.0)
    safe_yaml (1.0.1)
    typhoeus (0.6.7)
      ethon (~> 0.6.2)
    webmock (1.17.2)
      addressable (>= 2.2.7)
      crack (>= 0.3.2)

PLATFORMS
  ruby

DEPENDENCIES
  dea!
  rspec (~> 2.5)
  webmock (~> 1.17)
